GEM
  remote: https://rubygems.org/
  specs:
    byebug (10.0.0)
    httparty (0.21.0)
      mini_mime (>= 1.0.0)
      multi_xml (>= 0.5.2)
    json (2.1.0)
    mini_mime (1.1.2)
    multi_xml (0.6.0)
    mustermann (1.0.2)
    rack (2.0.4)
    rack-protection (2.0.1)
      rack
    redis (4.0.1)
    sinatra (2.0.1)
      mustermann (~> 1.0)
      rack (~> 2.0)
      rack-protection (= 2.0.1)
      tilt (~> 2.0)
    tilt (2.0.8)

PLATFORMS
  ruby

DEPENDENCIES
  byebug
  httparty
  json
  redis
  sinatra

BUNDLED WITH
   1.16.1
