GEM
  remote: https://rubygems.org/
  specs:
    byebug (10.0.0)
    httparty (0.16.1)
      multi_xml (>= 0.5.2)
    json (2.1.0)
    multi_xml (0.6.0)
    mustermann (1.1.1)
      ruby2_keywords (~> 0.0.1)
    rack (2.2.2)
    rack-protection (2.0.2)
      rack
    redis (4.0.1)
    ruby2_keywords (0.0.2)
    sinatra (2.0.2)
      mustermann (~> 1.0)
      rack (~> 2.0)
      rack-protection (= 2.0.2)
      tilt (~> 2.0)
    tilt (2.0.10)

PLATFORMS
  ruby

DEPENDENCIES
  byebug
  httparty
  json
  redis
  sinatra

BUNDLED WITH
   1.16.1
